GIT
  remote: https://github.com/bmabey/database_cleaner.git
  revision: cbc840837cd2a7e18c965945b73bd05b5688fe32
  specs:
    database_cleaner (2.0.2)
      database_cleaner-active_record (>= 2, < 3)
    database_cleaner-core (2.0.2)

GIT
  remote: https://github.com/medihack/make_flaggable.git
  revision: 93647a1dc5416ad855a27d1aeae4b69d97704f13
  specs:
    make_flaggable (0.0.3)
      activerecord (>= 3.0)

GEM
  remote: https://rubygems.org/
  specs:
    actioncable (8.0.0.beta1)
      actionpack (= 8.0.0.beta1)
      activesupport (= 8.0.0.beta1)
      nio4r (~> 2.0)
      websocket-driver (>= 0.6.1)
      zeitwerk (~> 2.6)
    actionmailbox (8.0.0.beta1)
      actionpack (= 8.0.0.beta1)
      activejob (= 8.0.0.beta1)
      activerecord (= 8.0.0.beta1)
      activestorage (= 8.0.0.beta1)
      activesupport (= 8.0.0.beta1)
      mail (>= 2.8.0)
    actionmailer (8.0.0.beta1)
      actionpack (= 8.0.0.beta1)
      actionview (= 8.0.0.beta1)
      activejob (= 8.0.0.beta1)
      activesupport (= 8.0.0.beta1)
      mail (>= 2.8.0)
      rails-dom-testing (~> 2.2)
    actionpack (8.0.0.beta1)
      actionview (= 8.0.0.beta1)
      activesupport (= 8.0.0.beta1)
      nokogiri (>= 1.8.5)
      rack (>= 2.2.4)
      rack-session (>= 1.0.1)
      rack-test (>= 0.6.3)
      rails-dom-testing (~> 2.2)
      rails-html-sanitizer (~> 1.6)
      useragent (~> 0.16)
    actiontext (8.0.0.beta1)
      actionpack (= 8.0.0.beta1)
      activerecord (= 8.0.0.beta1)
      activestorage (= 8.0.0.beta1)
      activesupport (= 8.0.0.beta1)
      globalid (>= 0.6.0)
      nokogiri (>= 1.8.5)
    actionview (8.0.0.beta1)
      activesupport (= 8.0.0.beta1)
      builder (~> 3.1)
      erubi (~> 1.11)
      rails-dom-testing (~> 2.2)
      rails-html-sanitizer (~> 1.6)
    activeadmin (3.2.5)
      arbre (~> 1.2, >= 1.2.1)
      csv
      formtastic (>= 3.1)
      formtastic_i18n (>= 0.4)
      inherited_resources (~> 1.7)
      jquery-rails (>= 4.2)
      kaminari (>= 1.2.1)
      railties (>= 6.1)
      ransack (>= 4.0)
    activejob (8.0.0.beta1)
      activesupport (= 8.0.0.beta1)
      globalid (>= 0.3.6)
    activemodel (8.0.0.beta1)
      activesupport (= 8.0.0.beta1)
    activerecord (8.0.0.beta1)
      activemodel (= 8.0.0.beta1)
      activesupport (= 8.0.0.beta1)
      timeout (>= 0.4.0)
    activestorage (8.0.0.beta1)
      actionpack (= 8.0.0.beta1)
      activejob (= 8.0.0.beta1)
      activerecord (= 8.0.0.beta1)
      activesupport (= 8.0.0.beta1)
      marcel (~> 1.0)
    activesupport (8.0.0.beta1)
      base64
      benchmark (>= 0.3)
      bigdecimal
      concurrent-ruby (~> 1.0, >= 1.3.1)
      connection_pool (>= 2.2.5)
      drb
      i18n (>= 1.6, < 2)
      logger (>= 1.4.2)
      minitest (>= 5.1)
      securerandom (>= 0.3)
      tzinfo (~> 2.0, >= 2.0.5)
      uri (>= 0.13.1)
    acts_as_votable (0.14.0)
    addressable (2.8.7)
      public_suffix (>= 2.0.2, < 7.0)
    arbre (1.7.0)
      activesupport (>= 3.0.0)
      ruby2_keywords (>= 0.0.2)
    arctic_admin (4.3.1)
      activeadmin (>= 1.1.0, < 4.0)
      font-awesome-sass (~> 6.0)
    ast (2.4.2)
    autoprefixer-rails (10.4.19.0)
      execjs (~> 2)
    awesome_print (1.9.2)
    babel-source (5.8.35)
    babel-transpiler (0.7.0)
      babel-source (>= 4.0, < 6)
      execjs (~> 2.0)
    base64 (0.2.0)
    bcrypt (3.1.20)
    bcrypt_pbkdf (1.1.1)
    bcrypt_pbkdf (1.1.1-arm64-darwin)
    bcrypt_pbkdf (1.1.1-x86_64-darwin)
    benchmark (0.3.0)
    better_errors (2.10.1)
      erubi (>= 1.0.0)
      rack (>= 0.9.0)
      rouge (>= 1.0.0)
    bigdecimal (3.1.8)
    bindex (0.8.1)
    binding_of_caller (1.0.1)
      debug_inspector (>= 1.2.0)
    bitly (3.0.0)
      oauth2 (>= 0.5.0, < 2.1)
    bootsnap (1.18.4)
      msgpack (~> 1.2)
    bootstrap (5.3.3)
      autoprefixer-rails (>= 9.1.0)
      popper_js (>= 2.11.8, < 3)
    bootstrap4-datetime-picker-rails (0.3.1)
      jquery-rails (~> 4.2, >= 4.2.0)
      moment-timezone-rails (~> 1.0)
      momentjs-rails (>= 2.10.5, <= 3.0.0)
    brakeman (6.2.1)
      racc
    builder (3.3.0)
    capybara (3.40.0)
      addressable
      matrix
      mini_mime (>= 0.1.3)
      nokogiri (~> 1.11)
      rack (>= 1.6.0)
      rack-test (>= 0.6.3)
      regexp_parser (>= 1.5, < 3.0)
      xpath (~> 3.2)
    carrierwave (3.0.7)
      activemodel (>= 6.0.0)
      activesupport (>= 6.0.0)
      addressable (~> 2.6)
      image_processing (~> 1.1)
      marcel (~> 1.0.0)
      ssrf_filter (~> 1.0)
    coderay (1.1.3)
    coffee-rails (5.0.0)
      coffee-script (>= 2.2.0)
      railties (>= 5.2.0)
    coffee-script (2.4.1)
      coffee-script-source
      execjs
    coffee-script-source (1.12.2)
    concurrent-ruby (1.3.4)
    connection_pool (2.4.1)
    crass (1.0.6)
    cssbundling-rails (1.4.1)
      railties (>= 6.0.0)
    csv (3.3.0)
    database_cleaner-active_record (2.2.0)
      activerecord (>= 5.a)
      database_cleaner-core (~> 2.0.0)
    date (3.3.4)
    debug (1.9.2)
      irb (~> 1.10)
      reline (>= 0.3.8)
    debug_inspector (1.2.0)
    delayed_job (4.1.12)
      activesupport (>= 3.0, < 8.0)
    delayed_job_active_record (4.1.10)
      activerecord (>= 3.0, < 8.0)
      delayed_job (>= 3.0, < 5)
    devise (4.9.4)
      bcrypt (~> 3.0)
      orm_adapter (~> 0.1)
      railties (>= 4.1.0)
      responders
      warden (~> 1.2.3)
    diff-lcs (1.5.1)
    docile (1.4.1)
    dockerfile-rails (1.7.9)
      rails (>= 3.0.0)
    dotenv (3.1.4)
    drb (2.2.1)
    ed25519 (1.3.0)
    erubi (1.13.0)
    et-orbi (1.2.11)
      tzinfo
    execjs (2.9.1)
    factory_bot (6.5.0)
      activesupport (>= 5.0.0)
    factory_bot_rails (6.4.3)
      factory_bot (~> 6.4)
      railties (>= 5.0.0)
    faker (3.4.2)
      i18n (>= 1.8.11, < 2)
    faraday (2.12.0)
      faraday-net_http (>= 2.0, < 3.4)
      json
      logger
    faraday-net_http (3.3.0)
      net-http
    ffi (1.17.0-aarch64-linux-gnu)
    ffi (1.17.0-arm-linux-gnu)
    ffi (1.17.0-arm64-darwin)
    ffi (1.17.0-x86-linux-gnu)
    ffi (1.17.0-x86_64-darwin)
    ffi (1.17.0-x86_64-linux-gnu)
    font-awesome-rails (4.7.0.8)
      railties (>= 3.2, < 8.0)
    font-awesome-sass (6.5.2)
      sassc (~> 2.0)
    formtastic (5.0.0)
      actionpack (>= 6.0.0)
    formtastic_i18n (0.7.0)
    foundation-rails (6.9.0.0)
      railties (>= 3.1.0)
      sassc
      sprockets-es6
    friendly_id (5.5.1)
      activerecord (>= 4.0.0)
    fugit (1.11.1)
      et-orbi (~> 1, >= 1.2.11)
      raabro (~> 1.4)
    geocoder (1.8.3)
      base64 (>= 0.1.0)
      csv (>= 3.0.0)
    globalid (1.2.1)
      activesupport (>= 6.1)
    handlebars_assets (0.23.9)
      execjs (~> 2.0)
      sprockets (>= 2.0.0)
      tilt (>= 1.2)
    has_scope (0.8.2)
      actionpack (>= 5.2)
      activesupport (>= 5.2)
    hashie (5.0.0)
    httparty (0.22.0)
      csv
      mini_mime (>= 1.0.0)
      multi_xml (>= 0.5.2)
    i18n (1.14.6)
      concurrent-ruby (~> 1.0)
    image_processing (1.13.0)
      mini_magick (>= 4.9.5, < 5)
      ruby-vips (>= 2.0.17, < 3)
    inherited_resources (1.14.0)
      actionpack (>= 6.0)
      has_scope (>= 0.6)
      railties (>= 6.0)
      responders (>= 2)
    io-console (0.7.2)
    irb (1.14.1)
      rdoc (>= 4.0.0)
      reline (>= 0.4.2)
    jbuilder (2.13.0)
      actionview (>= 5.0.0)
      activesupport (>= 5.0.0)
    jquery-rails (4.6.0)
      rails-dom-testing (>= 1, < 3)
      railties (>= 4.2.0)
      thor (>= 0.14, < 2.0)
    jsbundling-rails (1.3.1)
      railties (>= 6.0.0)
    json (2.7.2)
    jwt (2.9.3)
      base64
    kamal (2.2.2)
      activesupport (>= 7.0)
      base64 (~> 0.2)
      bcrypt_pbkdf (~> 1.0)
      concurrent-ruby (~> 1.2)
      dotenv (~> 3.1)
      ed25519 (~> 1.2)
      net-ssh (~> 7.0)
      sshkit (>= 1.23.0, < 2.0)
      thor (~> 1.3)
      zeitwerk (~> 2.5)
    kaminari (1.2.2)
      activesupport (>= 4.1.0)
      kaminari-actionview (= 1.2.2)
      kaminari-activerecord (= 1.2.2)
      kaminari-core (= 1.2.2)
    kaminari-actionview (1.2.2)
      actionview
      kaminari-core (= 1.2.2)
    kaminari-activerecord (1.2.2)
      activerecord
      kaminari-core (= 1.2.2)
    kaminari-core (1.2.2)
    language_server-protocol (3.17.0.3)
    libv8 (3.16.14.19.1)
    libv8 (3.16.14.19.1-arm-linux)
    libv8 (3.16.14.19.1-universal-darwin)
    libv8 (3.16.14.19.1-x86-linux)
    libv8 (3.16.14.19.1-x86_64-darwin)
    libv8 (3.16.14.19.1-x86_64-linux)
    logger (1.6.1)
    loofah (2.22.0)
      crass (~> 1.0.2)
      nokogiri (>= 1.12.0)
    mail (2.8.1)
      mini_mime (>= 0.1.1)
      net-imap
      net-pop
      net-smtp
    marcel (1.0.4)
    matrix (0.4.2)
    method_source (1.1.0)
    mini_magick (4.13.2)
    mini_mime (1.1.5)
    minitest (5.25.1)
    moment-timezone-rails (1.1.0)
      momentjs-rails (>= 2.10.5, <= 3.0.0)
    momentjs-rails (2.29.4.1)
      railties (>= 3.1)
    msgpack (1.7.3)
    multi_xml (0.7.1)
      bigdecimal (~> 3.1)
    net-http (0.4.1)
      uri
    net-imap (0.4.16)
      date
      net-protocol
    net-pop (0.1.2)
      net-protocol
    net-protocol (0.2.2)
      timeout
    net-scp (4.0.0)
      net-ssh (>= 2.6.5, < 8.0.0)
    net-sftp (4.0.0)
      net-ssh (>= 5.0.0, < 8.0.0)
    net-smtp (0.5.0)
      net-protocol
    net-ssh (7.3.0)
    nio4r (2.7.3)
    nokogiri (1.16.7-aarch64-linux)
      racc (~> 1.4)
    nokogiri (1.16.7-arm-linux)
      racc (~> 1.4)
    nokogiri (1.16.7-arm64-darwin)
      racc (~> 1.4)
    nokogiri (1.16.7-x86-linux)
      racc (~> 1.4)
    nokogiri (1.16.7-x86_64-darwin)
      racc (~> 1.4)
    nokogiri (1.16.7-x86_64-linux)
      racc (~> 1.4)
    oauth2 (2.0.9)
      faraday (>= 0.17.3, < 3.0)
      jwt (>= 1.0, < 3.0)
      multi_xml (~> 0.5)
      rack (>= 1.2, < 4)
      snaky_hash (~> 2.0)
      version_gem (~> 1.1)
    orm_adapter (0.5.0)
    ostruct (0.6.0)
    parallel (1.26.3)
    parser (3.3.5.0)
      ast (~> 2.4.1)
      racc
    pg (1.5.8)
    pony (1.13.1)
      mail (>= 2.0)
    popper_js (2.11.8)
    propshaft (1.1.0)
      actionpack (>= 7.0.0)
      activesupport (>= 7.0.0)
      rack
      railties (>= 7.0.0)
    pry (0.14.2)
      coderay (~> 1.1)
      method_source (~> 1.0)
    psych (5.1.2)
      stringio
    public_suffix (6.0.1)
    puma (6.4.3)
      nio4r (~> 2.0)
    raabro (1.4.0)
    racc (1.8.1)
    rack (3.1.7)
    rack-session (2.0.0)
      rack (>= 3.0.0)
    rack-ssl-enforcer (0.2.9)
    rack-test (2.1.0)
      rack (>= 1.3)
    rackup (2.1.0)
      rack (>= 3)
      webrick (~> 1.8)
    rails (8.0.0.beta1)
      actioncable (= 8.0.0.beta1)
      actionmailbox (= 8.0.0.beta1)
      actionmailer (= 8.0.0.beta1)
      actionpack (= 8.0.0.beta1)
      actiontext (= 8.0.0.beta1)
      actionview (= 8.0.0.beta1)
      activejob (= 8.0.0.beta1)
      activemodel (= 8.0.0.beta1)
      activerecord (= 8.0.0.beta1)
      activestorage (= 8.0.0.beta1)
      activesupport (= 8.0.0.beta1)
      bundler (>= 1.15.0)
      railties (= 8.0.0.beta1)
    rails-dom-testing (2.2.0)
      activesupport (>= 5.0.0)
      minitest
      nokogiri (>= 1.6)
    rails-html-sanitizer (1.6.0)
      loofah (~> 2.21)
      nokogiri (~> 1.14)
    rails_12factor (0.0.3)
      rails_serve_static_assets
      rails_stdout_logging
    rails_serve_static_assets (0.0.5)
    rails_stdout_logging (0.0.5)
    railties (8.0.0.beta1)
      actionpack (= 8.0.0.beta1)
      activesupport (= 8.0.0.beta1)
      irb (~> 1.13)
      rackup (>= 1.0.0)
      rake (>= 12.2)
      thor (~> 1.0, >= 1.2.2)
      zeitwerk (~> 2.6)
    rainbow (3.1.1)
    rake (13.2.1)
    ransack (4.2.1)
      activerecord (>= 6.1.5)
      activesupport (>= 6.1.5)
      i18n
    rdoc (6.7.0)
      psych (>= 4.0.0)
    ref (2.0.0)
    regexp_parser (2.9.2)
    reline (0.5.10)
      io-console (~> 0.5)
    responders (3.1.1)
      actionpack (>= 5.2)
      railties (>= 5.2)
    rexml (3.3.8)
    rouge (4.4.0)
    rspec-core (3.13.1)
      rspec-support (~> 3.13.0)
    rspec-expectations (3.13.3)
      diff-lcs (>= 1.2.0, < 2.0)
      rspec-support (~> 3.13.0)
    rspec-mocks (3.13.2)
      diff-lcs (>= 1.2.0, < 2.0)
      rspec-support (~> 3.13.0)
    rspec-rails (7.0.1)
      actionpack (>= 7.0)
      activesupport (>= 7.0)
      railties (>= 7.0)
      rspec-core (~> 3.13)
      rspec-expectations (~> 3.13)
      rspec-mocks (~> 3.13)
      rspec-support (~> 3.13)
    rspec-support (3.13.1)
    rubocop (1.66.1)
      json (~> 2.3)
      language_server-protocol (>= 3.17.0)
      parallel (~> 1.10)
      parser (>= 3.3.0.2)
      rainbow (>= 2.2.2, < 4.0)
      regexp_parser (>= 2.4, < 3.0)
      rubocop-ast (>= 1.32.2, < 2.0)
      ruby-progressbar (~> 1.7)
      unicode-display_width (>= 2.4.0, < 3.0)
    rubocop-ast (1.32.3)
      parser (>= 3.3.1.0)
    rubocop-minitest (0.36.0)
      rubocop (>= 1.61, < 2.0)
      rubocop-ast (>= 1.31.1, < 2.0)
    rubocop-performance (1.22.1)
      rubocop (>= 1.48.1, < 2.0)
      rubocop-ast (>= 1.31.1, < 2.0)
    rubocop-rails (2.26.2)
      activesupport (>= 4.2.0)
      rack (>= 1.1)
      rubocop (>= 1.52.0, < 2.0)
      rubocop-ast (>= 1.31.1, < 2.0)
    rubocop-rails-omakase (1.0.0)
      rubocop
      rubocop-minitest
      rubocop-performance
      rubocop-rails
    ruby-progressbar (1.13.0)
    ruby-vips (2.2.2)
      ffi (~> 1.12)
      logger
    ruby2_keywords (0.0.5)
    rubyzip (2.3.2)
    sassc (2.4.0)
      ffi (~> 1.9)
    sassc-rails (2.1.2)
      railties (>= 4.0.0)
      sassc (>= 2.0)
      sprockets (> 3.0)
      sprockets-rails
      tilt
    sdoc (2.6.1)
      rdoc (>= 5.0)
    securerandom (0.3.1)
    selenium-webdriver (4.25.0)
      base64 (~> 0.2)
      logger (~> 1.4)
      rexml (~> 3.2, >= 3.2.5)
      rubyzip (>= 1.2.2, < 3.0)
      websocket (~> 1.0)
    simplecov (0.22.0)
      docile (~> 1.1)
      simplecov-html (~> 0.11)
      simplecov_json_formatter (~> 0.1)
    simplecov-html (0.13.1)
    simplecov_json_formatter (0.1.4)
    snaky_hash (2.0.1)
      hashie
      version_gem (~> 1.1, >= 1.1.1)
    solid_cable (3.0.2)
      actioncable (>= 7.2)
      activejob (>= 7.2)
      activerecord (>= 7.2)
      railties (>= 7.2)
    solid_cache (1.0.6)
      activejob (>= 7.2)
      activerecord (>= 7.2)
      railties (>= 7.2)
    solid_queue (1.0.0)
      activejob (>= 7.1)
      activerecord (>= 7.1)
      concurrent-ruby (>= 1.3.1)
      fugit (~> 1.11.0)
      railties (>= 7.1)
      thor (~> 1.3.1)
    spring (4.2.1)
    sprockets (4.2.1)
      concurrent-ruby (~> 1.0)
      rack (>= 2.2.4, < 4)
    sprockets-es6 (0.9.2)
      babel-source (>= 5.8.11)
      babel-transpiler
      sprockets (>= 3.0.0)
    sprockets-rails (3.5.2)
      actionpack (>= 6.1)
      activesupport (>= 6.1)
      sprockets (>= 3.0.0)
    sshkit (1.23.1)
      base64
      net-scp (>= 1.1.2)
      net-sftp (>= 2.1.2)
      net-ssh (>= 2.8.0)
      ostruct
    ssrf_filter (1.1.2)
    stimulus-rails (1.3.4)
      railties (>= 6.0.0)
    stringio (3.1.1)
    stripe (13.0.0)
    stripe_event (2.11.0)
      activesupport (>= 3.1)
      stripe (>= 2.8, < 14)
    therubyracer (0.12.3)
      libv8 (~> 3.16.14.15)
      ref
    thor (1.3.2)
    thruster (0.1.8)
    thruster (0.1.8-aarch64-linux)
    thruster (0.1.8-arm64-darwin)
    thruster (0.1.8-x86_64-darwin)
    thruster (0.1.8-x86_64-linux)
    tilt (2.4.0)
    timeout (0.4.1)
    turbo-rails (2.0.10)
      actionpack (>= 6.0.0)
      railties (>= 6.0.0)
    twilio-ruby (7.3.3)
      faraday (>= 0.9, < 3.0)
      jwt (>= 1.5, < 3.0)
      nokogiri (>= 1.6, < 2.0)
    tzinfo (2.0.6)
      concurrent-ruby (~> 1.0)
    uglifier (4.2.1)
      execjs (>= 0.3.0, < 3)
    unicode-display_width (2.6.0)
    uri (0.13.1)
    useragent (0.16.10)
    version_gem (1.1.4)
    versionist (2.0.1)
      activesupport (>= 3)
      railties (>= 3)
      yard (~> 0.9.20)
    warden (1.2.9)
      rack (>= 2.0.9)
    web-console (4.2.1)
      actionview (>= 6.0.0)
      activemodel (>= 6.0.0)
      bindex (>= 0.4.0)
      railties (>= 6.0.0)
    webrick (1.8.2)
    websocket (1.2.11)
    websocket-driver (0.7.6)
      websocket-extensions (>= 0.1.0)
    websocket-extensions (0.1.5)
    xpath (3.2.0)
      nokogiri (~> 1.8)
    yard (0.9.37)
    zeitwerk (2.6.18)

PLATFORMS
  aarch64-linux
  arm-linux
  arm64-darwin
  x86-linux
  x86_64-darwin
  x86_64-linux

DEPENDENCIES
  activeadmin
  acts_as_votable
  arctic_admin
  awesome_print
  better_errors
  binding_of_caller
  bitly
  bootsnap
  bootstrap
  bootstrap4-datetime-picker-rails
  brakeman
  capybara
  carrierwave
  coffee-rails
  cssbundling-rails (~> 1.4)
  database_cleaner!
  debug
  delayed_job_active_record
  devise
  dockerfile-rails (>= 1.7)
  execjs
  factory_bot_rails
  faker
  font-awesome-rails
  foundation-rails
  friendly_id
  geocoder
  handlebars_assets
  httparty
  jbuilder
  jquery-rails
  jsbundling-rails (~> 1.3)
  json
  kamal (>= 2.0.0.rc2)
  kaminari
  make_flaggable!
  minitest
  momentjs-rails (>= 2.9.0)
  nokogiri
  pg (~> 1.1)
  pony
  propshaft
  pry
  puma (>= 5.0)
  rack-ssl-enforcer
  rails (~> 8.0.0.beta1)
  rails_12factor
  rspec-rails
  rubocop-rails-omakase
  sassc-rails
  sdoc
  selenium-webdriver
  simplecov
  solid_cable
  solid_cache
  solid_queue
  spring
  stimulus-rails
  stripe
  stripe_event
  therubyracer (~> 0.12.3)
  thruster
  turbo-rails
  twilio-ruby
  tzinfo-data
  uglifier (>= 1.3.0)
  versionist
  web-console

BUNDLED WITH
   2.5.21
